PATH
  remote: .
  specs:
    puppet-doc-lint (0.1.0)
      facter
      puppet
      rdoc (>= 3.12, < 4.0)

GEM
  remote: https://rubygems.org/
  specs:
    diff-lcs (1.2.5)
    facter (1.7.4)
    hiera (1.3.1)
      json_pure
    json (1.8.1)
    json_pure (1.8.1)
    puppet (3.4.2)
      facter (~> 1.6)
      hiera (~> 1.0)
      rgen (~> 0.6.5)
    rake (10.1.1)
    rdoc (3.12)
      json (~> 1.4)
    rgen (0.6.6)
    rspec (2.14.1)
      rspec-core (~> 2.14.0)
      rspec-expectations (~> 2.14.0)
      rspec-mocks (~> 2.14.0)
    rspec-core (2.14.7)
    rspec-expectations (2.14.5)
      diff-lcs (>= 1.1.3, < 2.0)
    rspec-mocks (2.14.5)

PLATFORMS
  ruby

DEPENDENCIES
  puppet-doc-lint!
  rake
  rspec
